NUGET
  remote: https://www.nuget.org/api/v2
    FAKE (4.50)
    FantomasCLI (2.4)
    FunScript (1.1.94)
GIT
  remote: https://github.com/ionide/ionide-helpers.git
     (9b047eed73f8a841bb6385cdd5d6d3a4fdc2510d)
      build: build.cmd